GEM
  remote: https://rubygems.org/
  specs:
    diff-lcs (1.4.4)
    mysql2 (0.5.3)
    rake (13.0.1)
    redis (4.2.2)
    rspec-core (3.10.0)
      rspec-support (~> 3.10.0)
    rspec-expectations (3.10.0)
      diff-lcs (>= 1.2.0, < 2.0)
      rspec-support (~> 3.10.0)
    rspec-mocks (3.10.0)
      diff-lcs (>= 1.2.0, < 2.0)
      rspec-support (~> 3.10.0)
    rspec-support (3.10.0)
    sequel (5.38.0)
    sqlite3 (1.4.2)

PLATFORMS
  ruby

DEPENDENCIES
  mysql2
  rake
  redis
  rspec-core
  rspec-expectations
  rspec-mocks
  sequel
  sqlite3

BUNDLED WITH
   2.1.4
