GEM
  remote: https://rubygems.org/
  specs:
    diff-lcs (1.3)
    mysql2 (0.5.0)
    rake (12.3.1)
    redis (4.0.1)
    rspec-core (3.7.1)
      rspec-support (~> 3.7.0)
    rspec-expectations (3.7.0)
      diff-lcs (>= 1.2.0, < 2.0)
      rspec-support (~> 3.7.0)
    rspec-mocks (3.7.0)
      diff-lcs (>= 1.2.0, < 2.0)
      rspec-support (~> 3.7.0)
    rspec-support (3.7.1)
    sequel (5.7.1)
    sqlite3 (1.3.13)

PLATFORMS
  ruby

DEPENDENCIES
  mysql2
  rake
  redis
  rspec-core
  rspec-expectations
  rspec-mocks
  sequel
  sqlite3

BUNDLED WITH
   1.16.1
