GEM
  remote: https://rubygems.org/
  specs:
    diff-lcs (1.3)
    mysql2 (0.4.6)
    redis (3.3.3)
    rspec-core (3.6.0)
      rspec-support (~> 3.6.0)
    rspec-expectations (3.6.0)
      diff-lcs (>= 1.2.0, < 2.0)
      rspec-support (~> 3.6.0)
    rspec-mocks (3.6.0)
      diff-lcs (>= 1.2.0, < 2.0)
      rspec-support (~> 3.6.0)
    rspec-support (3.6.0)
    sequel (4.46.0)
    sqlite3 (1.3.13)

PLATFORMS
  ruby

DEPENDENCIES
  mysql2
  redis
  rspec-core
  rspec-expectations
  rspec-mocks
  sequel
  sqlite3

BUNDLED WITH
   1.14.6
